GEM
  remote: http://rubygems.org/
  specs:
    addressable (2.3.8)
    chunky_png (1.3.4)
    coffee-script (2.4.1)
      coffee-script-source
      execjs
    coffee-script-source (1.9.1.1)
    compass (1.0.3)
      chunky_png (~> 1.2)
      compass-core (~> 1.0.2)
      compass-import-once (~> 1.0.5)
      rb-fsevent (>= 0.9.3)
      rb-inotify (>= 0.9)
      sass (>= 3.3.13, < 3.5)
    compass-core (1.0.3)
      multi_json (~> 1.0)
      sass (>= 3.3.0, < 3.5)
    compass-h5bp (1.0.0)
      compass (~> 1.0, >= 1.0.3)
    compass-import-once (1.0.5)
      sass (>= 3.2, < 3.5)
    diff-lcs (1.2.5)
    dm-core (1.2.1)
      addressable (~> 2.3)
    dm-rspec (0.3.0)
      dm-core
      dm-validations
    dm-validations (1.2.0)
      dm-core (~> 1.2.0)
    execjs (2.6.0)
    ffi (1.9.10)
    haml (4.0.7)
      tilt
    jsmin (1.0.1)
    kgio (2.10.0)
    multi_json (1.11.2)
    mustache (1.0.2)
    rack (1.6.4)
    rack-protection (1.5.3)
      rack
    rack-test (0.6.3)
      rack (>= 1.0)
    raindrops (0.15.0)
    rb-fsevent (0.9.6)
    rb-inotify (0.9.5)
      ffi (>= 0.5.0)
    redcarpet (3.3.2)
    rspec (3.3.0)
      rspec-core (~> 3.3.0)
      rspec-expectations (~> 3.3.0)
      rspec-mocks (~> 3.3.0)
    rspec-core (3.3.2)
      rspec-support (~> 3.3.0)
    rspec-expectations (3.3.1)
      diff-lcs (>= 1.2.0, < 2.0)
      rspec-support (~> 3.3.0)
    rspec-mocks (3.3.2)
      diff-lcs (>= 1.2.0, < 2.0)
      rspec-support (~> 3.3.0)
    rspec-support (3.3.0)
    sass (3.4.18)
    shotgun (0.9.1)
      rack (>= 1.0)
    sinatra (1.4.6)
      rack (~> 1.4)
      rack-protection (~> 1.4)
      tilt (>= 1.3, < 3)
    sinatra-assetpack (0.3.3)
      jsmin
      rack-test
      sinatra
      tilt (>= 1.3.0, < 2.0)
    sinatra-support (1.2.2)
      sinatra (>= 1.0)
    tilt (1.4.1)
    unicorn (4.9.0)
      kgio (~> 2.6)
      rack
      raindrops (~> 0.7)

PLATFORMS
  ruby

DEPENDENCIES
  coffee-script
  compass
  compass-h5bp
  dm-core
  dm-rspec
  dm-validations
  haml
  mustache
  redcarpet
  rspec
  shotgun
  sinatra
  sinatra-assetpack
  sinatra-support
  unicorn
